PATH
  remote: ../..
  specs:
    committee (5.0.0.beta1)
      json_schema (~> 0.14, >= 0.14.3)
      openapi_parser (= 1.0.0.beta1)
      rack (>= 1.5)

GEM
  remote: https://rubygems.org/
  specs:
    byebug (11.1.3)
    json_schema (0.21.0)
    mustermann (1.1.1)
      ruby2_keywords (~> 0.0.1)
    openapi_parser (1.0.0.beta1)
    rack (2.2.3)
    rack-protection (2.2.0)
      rack
    ruby2_keywords (0.0.5)
    sinatra (2.2.0)
      mustermann (~> 1.0)
      rack (~> 2.2)
      rack-protection (= 2.2.0)
      tilt (~> 2.0)
    tilt (2.0.10)
    webrick (1.7.0)

PLATFORMS
  ruby

DEPENDENCIES
  byebug
  committee!
  sinatra
  webrick

BUNDLED WITH
   1.17.3
